GEM
  remote: http://rubygems.org/
  specs:
    builder (3.0.0)
    excon (0.7.6)
    fog (1.0.0)
      builder
      excon (~> 0.7.3)
      formatador (~> 0.2.0)
      mime-types
      multi_json (~> 1.0.3)
      net-scp (~> 1.0.4)
      net-ssh (~> 2.1.4)
      nokogiri (~> 1.5.0)
      ruby-hmac
    formatador (0.2.1)
    hirb (0.5.0)
    mime-types (1.17.2)
    multi_json (1.0.3)
    net-scp (1.0.4)
      net-ssh (>= 1.99.1)
    net-ssh (2.1.4)
    nokogiri (1.5.0)
    ruby-hmac (0.4.0)
    thor (0.14.6)

PLATFORMS
  ruby

DEPENDENCIES
  fog (>= 1.0.0)
  hirb
  thor
